STORAGE: NONE
RESTRICTION: == netstandard2.0
NUGET
  remote: https://api.nuget.org/v3/index.json
    FSharp.Core (9.0.303)
    HtmlAgilityPack (1.12.4)
    Microsoft.AspNetCore.Authentication.Abstractions (2.3)
      Microsoft.AspNetCore.Http.Abstractions (>= 2.3)
      Microsoft.Extensions.Logging.Abstractions (>= 8.0.2)
      Microsoft.Extensions.Options (>= 8.0.2)
    Microsoft.AspNetCore.Hosting.Abstractions (2.3)
      Microsoft.AspNetCore.Hosting.Server.Abstractions (>= 2.3)
      Microsoft.AspNetCore.Http.Abstractions (>= 2.3)
      Microsoft.Extensions.Hosting.Abstractions (>= 8.0.1)
    Microsoft.AspNetCore.Hosting.Server.Abstractions (2.3)
      Microsoft.AspNetCore.Http.Features (>= 2.3)
      Microsoft.Extensions.Configuration.Abstractions (>= 8.0)
    Microsoft.AspNetCore.Http.Abstractions (2.3)
      Microsoft.AspNetCore.Http.Features (>= 2.3)
      System.Text.Encodings.Web (>= 8.0)
    Microsoft.AspNetCore.Http.Features (5.0.17)
      Microsoft.Extensions.Primitives (>= 5.0.1)
      System.IO.Pipelines (>= 5.0.2)
    Microsoft.AspNetCore.Mvc.Abstractions (2.3)
      Microsoft.AspNetCore.Routing.Abstractions (>= 2.3)
      Microsoft.Net.Http.Headers (>= 2.3)
    Microsoft.AspNetCore.Routing.Abstractions (2.3)
      Microsoft.AspNetCore.Http.Abstractions (>= 2.3)
    Microsoft.Bcl.AsyncInterfaces (9.0.10)
      System.Threading.Tasks.Extensions (>= 4.5.4)
    Microsoft.Extensions.Configuration.Abstractions (9.0.10)
      Microsoft.Extensions.Primitives (>= 9.0.10)
    Microsoft.Extensions.DependencyInjection.Abstractions (9.0.10)
      Microsoft.Bcl.AsyncInterfaces (>= 9.0.10)
      System.Threading.Tasks.Extensions (>= 4.5.4)
    Microsoft.Extensions.Diagnostics.Abstractions (9.0.10)
      Microsoft.Extensions.DependencyInjection.Abstractions (>= 9.0.10)
      Microsoft.Extensions.Options (>= 9.0.10)
      System.Buffers (>= 4.5.1)
      System.Diagnostics.DiagnosticSource (>= 9.0.10)
      System.Memory (>= 4.5.5)
    Microsoft.Extensions.FileProviders.Abstractions (9.0.10)
      Microsoft.Extensions.Primitives (>= 9.0.10)
    Microsoft.Extensions.Hosting.Abstractions (9.0.10)
      Microsoft.Bcl.AsyncInterfaces (>= 9.0.10)
      Microsoft.Extensions.Configuration.Abstractions (>= 9.0.10)
      Microsoft.Extensions.DependencyInjection.Abstractions (>= 9.0.10)
      Microsoft.Extensions.Diagnostics.Abstractions (>= 9.0.10)
      Microsoft.Extensions.FileProviders.Abstractions (>= 9.0.10)
      Microsoft.Extensions.Logging.Abstractions (>= 9.0.10)
      System.Threading.Tasks.Extensions (>= 4.5.4)
    Microsoft.Extensions.Logging.Abstractions (9.0.10)
      Microsoft.Extensions.DependencyInjection.Abstractions (>= 9.0.10)
      System.Buffers (>= 4.5.1)
      System.Diagnostics.DiagnosticSource (>= 9.0.10)
      System.Memory (>= 4.5.5)
    Microsoft.Extensions.Options (9.0.10)
      Microsoft.Extensions.DependencyInjection.Abstractions (>= 9.0.10)
      Microsoft.Extensions.Primitives (>= 9.0.10)
      System.ComponentModel.Annotations (>= 5.0)
    Microsoft.Extensions.Primitives (9.0.10)
      System.Memory (>= 4.5.5)
      System.Runtime.CompilerServices.Unsafe (>= 6.0)
    Microsoft.Net.Http.Headers (9.0.10)
    System.Buffers (4.6.1)
    System.ComponentModel.Annotations (5.0)
    System.Configuration.ConfigurationManager (9.0.10)
      System.Security.Cryptography.ProtectedData (>= 9.0.10)
    System.Diagnostics.DiagnosticSource (9.0.10)
      System.Memory (>= 4.5.5)
      System.Runtime.CompilerServices.Unsafe (>= 6.0)
    System.IO.Pipelines (9.0.10)
      System.Buffers (>= 4.5.1)
      System.Memory (>= 4.5.5)
      System.Threading.Tasks.Extensions (>= 4.5.4)
    System.Memory (4.6.3)
      System.Buffers (>= 4.6.1)
      System.Numerics.Vectors (>= 4.6.1)
      System.Runtime.CompilerServices.Unsafe (>= 6.1.2)
    System.Numerics.Vectors (4.6.1)
    System.Reflection.Emit.ILGeneration (4.7)
    System.Reflection.Emit.Lightweight (4.7)
      System.Reflection.Emit.ILGeneration (>= 4.7)
    System.Runtime.CompilerServices.Unsafe (6.1.2)
    System.Security.Cryptography.ProtectedData (9.0.10)
      System.Memory (>= 4.5.5)
    System.Text.Encodings.Web (9.0.10)
      System.Buffers (>= 4.5.1)
      System.Memory (>= 4.5.5)
      System.Runtime.CompilerServices.Unsafe (>= 6.0)
    System.Threading.Tasks.Extensions (4.6.3)
      System.Runtime.CompilerServices.Unsafe (>= 6.1.2)
  remote: https://nuget.pkg.github.com/dotnet-websharper/index.json
    WebSharper (10.0.0.624-beta1)
      FSharp.Core (>= 6.0)
      System.Reflection.Emit.Lightweight (>= 4.7)
    WebSharper.AspNetCore (10.0.0.624-beta1)
      Microsoft.AspNetCore.Authentication.Abstractions (>= 2.0)
      Microsoft.AspNetCore.Hosting.Abstractions (>= 2.0)
      Microsoft.AspNetCore.Mvc.Abstractions (>= 2.0)
      System.Configuration.ConfigurationManager (>= 4.7)
      WebSharper (10.0.0.624-beta1)
    WebSharper.CSharp (10.0.0.624-beta1)
      WebSharper (10.0.0.624-beta1)
    WebSharper.FSharp (10.0.0.624-beta1)
      WebSharper (10.0.0.624-beta1)
    WebSharper.UI (10.0.0.624-beta1)
      HtmlAgilityPack (>= 1.11)
      WebSharper (>= 10.0.0.624-beta1 < 10.0.1-beta)
    WebSharper.UI.CSharp (10.0.0.624-beta1)
      WebSharper (>= 10.0.0.624-beta1 < 10.0.1-beta)
      WebSharper.UI (10.0.0.624-beta1)

GROUP wsbuild

GIT
  remote: https://github.com/dotnet-websharper/build-script
     (531f35c7382751468733d506e93567c46f3d0da6)