RESTRICTION: == netstandard2.0
NUGET
  remote: https://api.nuget.org/v3/index.json
    FSharp.Core (5.0)
    HtmlAgilityPack (1.11.34)
    Microsoft.AspNetCore.Authentication.Abstractions (2.2)
      Microsoft.AspNetCore.Http.Abstractions (>= 2.2)
      Microsoft.Extensions.Logging.Abstractions (>= 2.2)
      Microsoft.Extensions.Options (>= 2.2)
    Microsoft.AspNetCore.Hosting.Abstractions (2.2)
      Microsoft.AspNetCore.Hosting.Server.Abstractions (>= 2.2)
      Microsoft.AspNetCore.Http.Abstractions (>= 2.2)
      Microsoft.Extensions.Hosting.Abstractions (>= 2.2)
    Microsoft.AspNetCore.Hosting.Server.Abstractions (2.2)
      Microsoft.AspNetCore.Http.Features (>= 2.2)
      Microsoft.Extensions.Configuration.Abstractions (>= 2.2)
    Microsoft.AspNetCore.Http.Abstractions (2.2)
      Microsoft.AspNetCore.Http.Features (>= 2.2)
      System.Text.Encodings.Web (>= 4.5)
    Microsoft.AspNetCore.Http.Features (5.0.8)
      Microsoft.Extensions.Primitives (>= 5.0.1)
      System.IO.Pipelines (>= 5.0.1)
    Microsoft.Bcl.AsyncInterfaces (5.0)
      System.Threading.Tasks.Extensions (>= 4.5.4)
    Microsoft.Extensions.Configuration.Abstractions (5.0)
      Microsoft.Extensions.Primitives (>= 5.0)
    Microsoft.Extensions.DependencyInjection.Abstractions (5.0)
    Microsoft.Extensions.FileProviders.Abstractions (5.0)
      Microsoft.Extensions.Primitives (>= 5.0)
    Microsoft.Extensions.Hosting.Abstractions (5.0)
      Microsoft.Bcl.AsyncInterfaces (>= 5.0)
      Microsoft.Extensions.Configuration.Abstractions (>= 5.0)
      Microsoft.Extensions.DependencyInjection.Abstractions (>= 5.0)
      Microsoft.Extensions.FileProviders.Abstractions (>= 5.0)
      System.Threading.Tasks.Extensions (>= 4.5.4)
    Microsoft.Extensions.Logging.Abstractions (5.0)
    Microsoft.Extensions.Options (5.0)
      Microsoft.Extensions.DependencyInjection.Abstractions (>= 5.0)
      Microsoft.Extensions.Primitives (>= 5.0)
    Microsoft.Extensions.Primitives (5.0.1)
      System.Buffers (>= 4.5.1)
      System.Memory (>= 4.5.4)
      System.Runtime.CompilerServices.Unsafe (>= 5.0)
    System.Buffers (4.5.1)
    System.Configuration.ConfigurationManager (5.0)
      System.Security.Cryptography.ProtectedData (>= 5.0)
      System.Security.Permissions (>= 5.0)
    System.IO.Pipelines (5.0.1)
      System.Buffers (>= 4.5.1)
      System.Memory (>= 4.5.4)
      System.Threading.Tasks.Extensions (>= 4.5.4)
    System.Memory (4.5.4)
      System.Buffers (>= 4.5.1)
      System.Numerics.Vectors (>= 4.4)
      System.Runtime.CompilerServices.Unsafe (>= 4.5.3)
    System.Numerics.Vectors (4.5)
    System.Reflection.Emit.ILGeneration (4.7)
    System.Reflection.Emit.Lightweight (4.7)
      System.Reflection.Emit.ILGeneration (>= 4.7)
    System.Runtime.CompilerServices.Unsafe (5.0)
    System.Security.AccessControl (5.0)
      System.Security.Principal.Windows (>= 5.0)
    System.Security.Cryptography.ProtectedData (5.0)
      System.Memory (>= 4.5.4)
    System.Security.Permissions (5.0)
      System.Security.AccessControl (>= 5.0)
    System.Security.Principal.Windows (5.0)
    System.Text.Encodings.Web (5.0.1)
      System.Buffers (>= 4.5.1)
      System.Memory (>= 4.5.4)
    System.Threading.Tasks.Extensions (4.5.4)
      System.Runtime.CompilerServices.Unsafe (>= 4.5.3)
  remote: https://nuget.pkg.github.com/dotnet-websharper/index.json
    WebSharper (5.0.0.63-preview1)
      FSharp.Core (>= 5.0)
      System.Configuration.ConfigurationManager (>= 5.0)
      System.Reflection.Emit.Lightweight (>= 4.7)
    WebSharper.AspNetCore (5.0.0.63-preview1)
      Microsoft.AspNetCore.Authentication.Abstractions (>= 2.0)
      Microsoft.AspNetCore.Hosting.Abstractions (>= 2.0)
      WebSharper (5.0.0.63-preview1)
    WebSharper.CSharp (5.0.0.63-preview1)
      WebSharper (5.0.0.63-preview1)
    WebSharper.FSharp (5.0.0.63-preview1)
      WebSharper (5.0.0.63-preview1)
    WebSharper.UI (5.0.0.63-preview1)
      HtmlAgilityPack (>= 1.11)
      WebSharper (>= 5.0 < 5.1)
    WebSharper.UI.CSharp (5.0.0.63-preview1)
      WebSharper (>= 5.0 < 5.1)
      WebSharper.UI (5.0.0.63-preview1)

GROUP build
RESTRICTION: == net472
NUGET
  remote: https://api.nuget.org/v3/index.json
    EnvDTE (16.10.31320.204)
      Microsoft.VisualStudio.SDK.EmbedInteropTypes (>= 15.0.34)
      stdole (>= 16.10.31320.204)
    EnvDTE100 (16.10.31320.204)
      EnvDTE90a (>= 16.10.31320.204)
      Microsoft.VisualStudio.SDK.EmbedInteropTypes (>= 15.0.34)
    EnvDTE80 (16.10.31320.204)
      EnvDTE (>= 16.10.31320.204)
      Microsoft.VisualStudio.SDK.EmbedInteropTypes (>= 15.0.34)
    EnvDTE90 (16.10.31320.204)
      EnvDTE80 (>= 16.10.31320.204)
      Microsoft.VisualStudio.SDK.EmbedInteropTypes (>= 15.0.34)
    EnvDTE90a (16.10.31320.204)
      EnvDTE90 (>= 16.10.31320.204)
      Microsoft.VisualStudio.SDK.EmbedInteropTypes (>= 15.0.34)
    MessagePack (2.2.85)
      MessagePack.Annotations (>= 2.2.85)
      Microsoft.Bcl.AsyncInterfaces (>= 1.0)
      System.Collections.Immutable (>= 1.5)
      System.Memory (>= 4.5.3)
      System.Reflection.Emit (>= 4.6)
      System.Reflection.Emit.Lightweight (>= 4.6)
      System.Runtime.CompilerServices.Unsafe (>= 4.5.2)
      System.Threading.Tasks.Extensions (>= 4.5.3)
    MessagePack.Annotations (2.2.85)
    Microsoft.Bcl.AsyncInterfaces (5.0)
      System.Threading.Tasks.Extensions (>= 4.5.4)
    Microsoft.Build (16.10)
      Microsoft.Build.Framework (>= 16.10)
      Microsoft.NET.StringTools (>= 1.0)
      Microsoft.VisualStudio.Setup.Configuration.Interop (>= 1.16.30)
      System.Collections.Immutable (>= 5.0)
      System.Configuration.ConfigurationManager (>= 4.7)
      System.Memory (>= 4.5.4)
      System.Text.Json (>= 4.7)
      System.Threading.Tasks.Dataflow (>= 4.9)
    Microsoft.Build.Framework (16.10)
    Microsoft.CodeAnalysis.BannedApiAnalyzers (3.3.2)
    Microsoft.Diagnostics.Tracing.EventSource.Redist (5.0)
    Microsoft.NET.StringTools (1.0)
      System.Memory (>= 4.5.4)
      System.Runtime.CompilerServices.Unsafe (>= 5.0)
    Microsoft.NETCore.Platforms (5.0.2)
    Microsoft.NETCore.Targets (5.0)
    Microsoft.ServiceHub.Analyzers (2.8.2019)
    Microsoft.ServiceHub.Client (2.8.2019)
      Microsoft.ServiceHub.Framework (>= 2.8.2019)
      Microsoft.ServiceHub.Resources (>= 2.8.2019)
      Microsoft.VisualStudio.RemoteControl (>= 16.3.32)
      Microsoft.VisualStudio.Telemetry (>= 16.3.176)
      StreamJsonRpc (>= 2.7.67)
      System.Collections.Immutable (>= 5.0)
    Microsoft.ServiceHub.Framework (2.8.2019)
      Microsoft.ServiceHub.Analyzers (>= 2.8.2019)
      StreamJsonRpc (>= 2.7.67)
      System.Collections.Immutable (>= 5.0)
    Microsoft.ServiceHub.Resources (2.8.2019)
    Microsoft.VisualStudio.CommandBars (16.10.31320.204)
      Microsoft.VisualStudio.SDK.EmbedInteropTypes (>= 15.0.34)
      stdole (>= 16.10.31320.204)
    Microsoft.VisualStudio.ComponentModelHost (16.10.230)
      Microsoft.VisualStudio.Shell.Interop.10.0 (>= 16.10.31225.38)
      System.ComponentModel.Composition (>= 4.5)
    Microsoft.VisualStudio.Composition (16.9.20)
      Microsoft.VisualStudio.Composition.Analyzers (>= 16.9.20)
      Microsoft.VisualStudio.Composition.NetFxAttributes (>= 16.9.20)
      Microsoft.VisualStudio.Validation (>= 15.5.31)
      System.ComponentModel.Composition (>= 4.5)
      System.Composition (>= 1.0.31)
      System.Reflection.Emit (>= 4.3)
      System.Reflection.Metadata (>= 1.6)
      System.Reflection.TypeExtensions (>= 4.3)
      System.Threading.Tasks.Dataflow (>= 4.11.1)
    Microsoft.VisualStudio.Composition.Analyzers (16.9.20)
    Microsoft.VisualStudio.Composition.NetFxAttributes (16.9.20)
      System.ComponentModel.Composition (>= 4.5)
    Microsoft.VisualStudio.CoreUtility (16.10.230)
      Microsoft.VisualStudio.Threading (>= 16.10.56)
      System.Collections.Immutable (>= 5.0)
      System.ComponentModel.Composition (>= 4.5)
    Microsoft.VisualStudio.Debugger.Engine (16.10.1051404)
      Microsoft.VisualStudio.Debugger.Interop.11.0 (>= 11.0.50728)
      Microsoft.VisualStudio.Debugger.InteropA (>= 9.0.21023)
    Microsoft.VisualStudio.Debugger.Interop.10.0 (16.10.31320.204)
      Microsoft.VisualStudio.Debugger.InteropA (>= 16.10.31320.204)
      Microsoft.VisualStudio.SDK.EmbedInteropTypes (>= 15.0.34)
    Microsoft.VisualStudio.Debugger.Interop.11.0 (16.10.31320.204)
      Microsoft.VisualStudio.Debugger.InteropA (>= 16.10.31320.204)
      Microsoft.VisualStudio.SDK.EmbedInteropTypes (>= 15.0.34)
    Microsoft.VisualStudio.Debugger.Interop.12.0 (16.10.31320.204)
      Microsoft.VisualStudio.Debugger.InteropA (>= 16.10.31320.204)
      Microsoft.VisualStudio.SDK.EmbedInteropTypes (>= 15.0.34)
    Microsoft.VisualStudio.Debugger.Interop.14.0 (16.10.31320.204)
      Microsoft.VisualStudio.Debugger.Interop.11.0 (>= 16.10.31320.204)
      Microsoft.VisualStudio.SDK.EmbedInteropTypes (>= 15.0.34)
    Microsoft.VisualStudio.Debugger.Interop.15.0 (16.10.31320.204)
      Microsoft.VisualStudio.Debugger.Interop.10.0 (>= 16.10.31320.204)
      Microsoft.VisualStudio.SDK.EmbedInteropTypes (>= 15.0.34)
    Microsoft.VisualStudio.Debugger.Interop.16.0 (16.10.31320.204)
      Microsoft.VisualStudio.Debugger.Interop.10.0 (>= 16.10.31320.204)
      Microsoft.VisualStudio.Debugger.Interop.11.0 (>= 16.10.31320.204)
      Microsoft.VisualStudio.SDK.EmbedInteropTypes (>= 15.0.34)
    Microsoft.VisualStudio.Debugger.InteropA (16.10.31320.204)
      Microsoft.VisualStudio.SDK.EmbedInteropTypes (>= 15.0.34)
    Microsoft.VisualStudio.Designer.Interfaces (16.10.31320.204)
      Microsoft.VisualStudio.SDK.EmbedInteropTypes (>= 15.0.34)
    Microsoft.VisualStudio.Editor (16.10.230)
      Microsoft.VisualStudio.CoreUtility (>= 16.10.230)
      Microsoft.VisualStudio.Language (>= 16.10.230)
      Microsoft.VisualStudio.RpcContracts (>= 16.10.18)
      Microsoft.VisualStudio.Shell.15.0 (>= 16.10.31225.38)
      Microsoft.VisualStudio.Shell.Interop.11.0 (>= 16.10.31225.38)
      Microsoft.VisualStudio.Text.Data (>= 16.10.230)
      Microsoft.VisualStudio.Text.Logic (>= 16.10.230)
      Microsoft.VisualStudio.Text.UI (>= 16.10.230)
      Microsoft.VisualStudio.Text.UI.Wpf (>= 16.10.230)
      Microsoft.VisualStudio.TextManager.Interop (>= 16.10.31225.38)
      Microsoft.VisualStudio.TextManager.Interop.8.0 (>= 16.10.31225.38)
      Microsoft.VisualStudio.Threading (>= 16.10.56)
    Microsoft.VisualStudio.GraphModel (16.10.31320.204)
      Microsoft.VisualStudio.OLE.Interop (>= 16.10.31320.204)
      System.ComponentModel.Composition (>= 4.5)
    Microsoft.VisualStudio.ImageCatalog (16.10.31320.204)
      Microsoft.VisualStudio.Imaging.Interop.14.0.DesignTime (>= 16.10.31320.204)
    Microsoft.VisualStudio.Imaging (16.10.31321.278)
      Microsoft.VisualStudio.ImageCatalog (>= 16.10.31320.204)
      Microsoft.VisualStudio.Imaging.Interop.14.0.DesignTime (>= 16.10.31320.204)
      Microsoft.VisualStudio.Shell.Embeddable (>= 16.10.31320.204)
      Microsoft.VisualStudio.Shell.Interop (>= 16.10.31320.204)
      Microsoft.VisualStudio.Shell.Interop.10.0 (>= 16.10.31320.204)
      Microsoft.VisualStudio.Shell.Interop.11.0 (>= 16.10.31320.204)
      Microsoft.VisualStudio.Shell.Interop.12.0 (>= 16.10.31320.204)
      Microsoft.VisualStudio.Shell.Interop.15.0.DesignTime (>= 16.10.31320.204)
      Microsoft.VisualStudio.Shell.Interop.15.1.DesignTime (>= 16.10.31320.204)
      Microsoft.VisualStudio.Shell.Interop.15.6.DesignTime (>= 16.10.31320.204)
      Microsoft.VisualStudio.Shell.Interop.8.0 (>= 16.10.31320.204)
      Microsoft.VisualStudio.Threading (>= 16.10.56)
      Microsoft.VisualStudio.Utilities (>= 16.10.31321.278)
      stdole (>= 16.10.31320.204)
      System.Collections.Immutable (>= 5.0)
    Microsoft.VisualStudio.Imaging.Interop.14.0.DesignTime (16.10.31320.204)
      Microsoft.VisualStudio.SDK.EmbedInteropTypes (>= 15.0.34)
    Microsoft.VisualStudio.Language (16.10.230)
      Microsoft.VisualStudio.CoreUtility (>= 16.10.230)
      Microsoft.VisualStudio.Text.Data (>= 16.10.230)
      Microsoft.VisualStudio.Text.Logic (>= 16.10.230)
      Microsoft.VisualStudio.Text.UI (>= 16.10.230)
      Newtonsoft.Json (>= 12.0.2)
      System.Collections.Immutable (>= 5.0)
      System.ComponentModel.Composition (>= 4.5)
      System.Private.Uri (>= 4.3.2)
    Microsoft.VisualStudio.Language.Intellisense (16.10.230)
      Microsoft.VisualStudio.CoreUtility (>= 16.10.230)
      Microsoft.VisualStudio.Imaging.Interop.14.0.DesignTime (>= 16.10.31225.38)
      Microsoft.VisualStudio.Language (>= 16.10.230)
      Microsoft.VisualStudio.Text.Data (>= 16.10.230)
      Microsoft.VisualStudio.Text.Logic (>= 16.10.230)
      Microsoft.VisualStudio.Text.UI (>= 16.10.230)
      System.Runtime.CompilerServices.Unsafe (>= 4.7.1)
    Microsoft.VisualStudio.Language.NavigateTo.Interfaces (16.10.230)
      Microsoft.VisualStudio.ImageCatalog (>= 16.10.31225.38)
      Microsoft.VisualStudio.Imaging (>= 16.10.31225.38)
      Microsoft.VisualStudio.Imaging.Interop.14.0.DesignTime (>= 16.10.31225.38)
      Microsoft.VisualStudio.OLE.Interop (>= 16.10.31225.38)
      Microsoft.VisualStudio.Shell.Interop (>= 16.10.31225.38)
      Microsoft.VisualStudio.Shell.Interop.10.0 (>= 16.10.31225.38)
      Microsoft.VisualStudio.Shell.Interop.11.0 (>= 16.10.31225.38)
      Microsoft.VisualStudio.Shell.Interop.12.0 (>= 16.10.31225.38)
      Microsoft.VisualStudio.Shell.Interop.14.0.DesignTime (>= 16.10.31225.38)
      Microsoft.VisualStudio.Shell.Interop.8.0 (>= 16.10.31225.38)
      Microsoft.VisualStudio.Text.Logic (>= 16.10.84)
      Microsoft.VisualStudio.TextManager.Interop (>= 16.10.31225.38)
      Microsoft.VisualStudio.TextManager.Interop.8.0 (>= 16.10.31225.38)
      Microsoft.VisualStudio.Utilities (>= 16.10.31225.38)
    Microsoft.VisualStudio.Language.StandardClassification (16.10.230)
      Microsoft.VisualStudio.Text.Logic (>= 16.10.230)
    Microsoft.VisualStudio.LanguageServer.Client (16.10.1220)
      Microsoft.VisualStudio.CoreUtility (>= 16.9.214)
      Microsoft.VisualStudio.LanguageServer.Protocol (>= 16.10.1220)
      Microsoft.VisualStudio.Shell.15.0 (>= 16.9.30927.25)
      Microsoft.VisualStudio.Shell.Framework (>= 16.9.30927.25)
      Microsoft.VisualStudio.Utilities (>= 16.9.30927.25)
      StreamJsonRpc (>= 2.7.70)
    Microsoft.VisualStudio.LanguageServer.Protocol (16.10.1220)
      Newtonsoft.Json (>= 9.0.1)
    Microsoft.VisualStudio.OLE.Interop (16.10.31320.204)
      Microsoft.VisualStudio.SDK.EmbedInteropTypes (>= 15.0.34)
    Microsoft.VisualStudio.Package.LanguageService.15.0 (16.10.31321.278)
      Microsoft.VisualStudio.Shell.Framework (>= 16.10.31321.278)
    Microsoft.VisualStudio.ProjectAggregator (16.10.31320.204)
      Microsoft.VisualStudio.SDK.EmbedInteropTypes (>= 15.0.34)
    Microsoft.VisualStudio.RemoteControl (16.3.32)
      Microsoft.VisualStudio.Utilities.Internal (>= 16.3.23)
    Microsoft.VisualStudio.RpcContracts (16.10.23)
      Microsoft.ServiceHub.Framework (>= 2.7.339)
      StreamJsonRpc (>= 2.7.67)
    Microsoft.VisualStudio.SDK (16.0.206)
      EnvDTE100 (>= 10.0.3)
      Microsoft.VisualStudio.CommandBars (>= 8.0)
      Microsoft.VisualStudio.ComponentModelHost (>= 16.0.467)
      Microsoft.VisualStudio.CoreUtility (>= 16.0.467)
      Microsoft.VisualStudio.Debugger.Engine (>= 16.0.2032702)
      Microsoft.VisualStudio.Debugger.Interop.10.0 (>= 10.0.30320)
      Microsoft.VisualStudio.Debugger.Interop.12.0 (>= 12.0.21006)
      Microsoft.VisualStudio.Debugger.Interop.14.0 (>= 14.3.25408)
      Microsoft.VisualStudio.Debugger.Interop.15.0 (>= 15.9.28307)
      Microsoft.VisualStudio.Debugger.Interop.16.0 (>= 16.0.28727)
      Microsoft.VisualStudio.Debugger.InteropA (>= 9.0.21023)
      Microsoft.VisualStudio.Designer.Interfaces (>= 1.1.4323)
      Microsoft.VisualStudio.Editor (>= 16.0.467)
      Microsoft.VisualStudio.ImageCatalog (>= 16.0.28727)
      Microsoft.VisualStudio.Imaging (>= 16.0.28729)
      Microsoft.VisualStudio.Language (>= 16.0.467)
      Microsoft.VisualStudio.Language.Intellisense (>= 16.0.467)
      Microsoft.VisualStudio.Language.NavigateTo.Interfaces (>= 16.0.467)
      Microsoft.VisualStudio.Language.StandardClassification (>= 16.0.467)
      Microsoft.VisualStudio.LanguageServer.Client (>= 16.0.2264)
      Microsoft.VisualStudio.OLE.Interop (>= 7.10.6071)
      Microsoft.VisualStudio.Package.LanguageService.15.0 (>= 16.0.28729)
      Microsoft.VisualStudio.ProjectAggregator (>= 8.0.50728)
      Microsoft.VisualStudio.SDK.Analyzers (>= 16.3.14)
      Microsoft.VisualStudio.SDK.EmbedInteropTypes (>= 15.0.27)
      Microsoft.VisualStudio.Setup.Configuration.Interop (>= 1.16.30)
      Microsoft.VisualStudio.Shell.15.0 (>= 16.0.28729)
      Microsoft.VisualStudio.Shell.Design (>= 16.0.28729)
      Microsoft.VisualStudio.Shell.Embeddable (>= 16.0.28727)
      Microsoft.VisualStudio.Shell.Interop (>= 7.10.6072)
      Microsoft.VisualStudio.Shell.Interop.15.1.DesignTime (>= 15.0.26929)
      Microsoft.VisualStudio.Shell.Interop.15.5.DesignTime (>= 15.6.27413)
      Microsoft.VisualStudio.Shell.Interop.15.7.DesignTime (>= 15.7.1)
      Microsoft.VisualStudio.Shell.Interop.15.8.DesignTime (>= 15.8.1)
      Microsoft.VisualStudio.TaskRunnerExplorer.14.0 (>= 14.0)
      Microsoft.VisualStudio.Text.Logic (>= 16.0.467)
      Microsoft.VisualStudio.TextManager.Interop.12.1.DesignTime (>= 12.1.30330)
      Microsoft.VisualStudio.TextTemplating.15.0 (>= 16.0.28727)
      Microsoft.VisualStudio.TextTemplating.Interfaces.15.0 (>= 16.0.28727)
      Microsoft.VisualStudio.TextTemplating.VSHost.15.0 (>= 16.0.28729)
      Microsoft.VisualStudio.Threading (>= 16.0.102)
      Microsoft.VisualStudio.Web.BrowserLink.12.0 (>= 12.0)
      Microsoft.VisualStudio.Workspace.VSIntegration (>= 15.0.485)
      Microsoft.Win32.Primitives (>= 4.3)
      Newtonsoft.Json (>= 9.0.1)
      StreamJsonRpc (>= 1.5.43)
      System.Collections.Immutable (>= 1.5)
      System.ComponentModel.Composition (>= 4.5)
      VSLangProj100 (>= 10.0.30320)
      VSLangProj110 (>= 11.0.61031)
      VSLangProj140 (>= 14.0.25030)
      VSLangProj150 (>= 15.0.26229)
      VSLangProj157 (>= 15.7)
      VSLangProj158 (>= 15.8)
      VSLangProj2 (>= 7.0.5001)
    Microsoft.VisualStudio.SDK.Analyzers (16.10.1)
      Microsoft.CodeAnalysis.BannedApiAnalyzers (>= 3.3.2)
      Microsoft.VisualStudio.Threading.Analyzers (>= 16.10.56)
    Microsoft.VisualStudio.SDK.EmbedInteropTypes (15.0.36)
    Microsoft.VisualStudio.Setup.Configuration.Interop (1.16.30)
    Microsoft.VisualStudio.Shell.15.0 (16.10.31321.278)
      EnvDTE (>= 16.10.31320.204)
      EnvDTE80 (>= 16.10.31320.204)
      Microsoft.VisualStudio.ComponentModelHost (>= 16.10.230)
      Microsoft.VisualStudio.Designer.Interfaces (>= 16.10.31320.204)
      Microsoft.VisualStudio.ImageCatalog (>= 16.10.31320.204)
      Microsoft.VisualStudio.Imaging (>= 16.10.31321.278)
      Microsoft.VisualStudio.Imaging.Interop.14.0.DesignTime (>= 16.10.31320.204)
      Microsoft.VisualStudio.OLE.Interop (>= 16.10.31320.204)
      Microsoft.VisualStudio.ProjectAggregator (>= 16.10.31320.204)
      Microsoft.VisualStudio.SDK.Analyzers (>= 16.10.1)
      Microsoft.VisualStudio.Shell.Embeddable (>= 16.10.31320.204)
      Microsoft.VisualStudio.Shell.Framework (>= 16.10.31321.278)
      Microsoft.VisualStudio.Shell.Interop (>= 16.10.31320.204)
      Microsoft.VisualStudio.Shell.Interop.10.0 (>= 16.10.31320.204)
      Microsoft.VisualStudio.Shell.Interop.11.0 (>= 16.10.31320.204)
      Microsoft.VisualStudio.Shell.Interop.12.0 (>= 16.10.31320.204)
      Microsoft.VisualStudio.Shell.Interop.12.1.DesignTime (>= 16.10.31320.204)
      Microsoft.VisualStudio.Shell.Interop.14.0.DesignTime (>= 16.10.31320.204)
      Microsoft.VisualStudio.Shell.Interop.15.0.DesignTime (>= 16.10.31320.204)
      Microsoft.VisualStudio.Shell.Interop.15.3.DesignTime (>= 16.10.31320.204)
      Microsoft.VisualStudio.Shell.Interop.15.6.DesignTime (>= 16.10.31320.204)
      Microsoft.VisualStudio.Shell.Interop.15.7.DesignTime (>= 16.10.31320.204)
      Microsoft.VisualStudio.Shell.Interop.15.8.DesignTime (>= 16.10.31320.212)
      Microsoft.VisualStudio.Shell.Interop.16.0.DesignTime (>= 16.10.31320.204)
      Microsoft.VisualStudio.Shell.Interop.16.3.DesignTime (>= 16.10.31320.204)
      Microsoft.VisualStudio.Shell.Interop.16.5.DesignTime (>= 16.10.31320.204)
      Microsoft.VisualStudio.Shell.Interop.16.9.DesignTime (>= 16.10.31320.204)
      Microsoft.VisualStudio.Shell.Interop.8.0 (>= 16.10.31320.204)
      Microsoft.VisualStudio.Shell.Interop.9.0 (>= 16.10.31320.204)
      Microsoft.VisualStudio.Text.Data (>= 16.10.230)
      Microsoft.VisualStudio.TextManager.Interop (>= 16.10.31320.204)
      Microsoft.VisualStudio.TextManager.Interop.8.0 (>= 16.10.31320.204)
      Microsoft.VisualStudio.Utilities (>= 16.10.31321.278)
      stdole (>= 16.10.31320.204)
    Microsoft.VisualStudio.Shell.Design (16.10.31321.278)
      EnvDTE (>= 16.10.31320.204)
      Microsoft.VisualStudio.Designer.Interfaces (>= 16.10.31320.204)
      Microsoft.VisualStudio.OLE.Interop (>= 16.10.31320.204)
      Microsoft.VisualStudio.Shell.15.0 (>= 16.10.31321.278)
      Microsoft.VisualStudio.Shell.Framework (>= 16.10.31321.278)
      Microsoft.VisualStudio.Shell.Interop (>= 16.10.31320.204)
      Microsoft.VisualStudio.Shell.Interop.10.0 (>= 16.10.31320.204)
      Microsoft.VisualStudio.Shell.Interop.11.0 (>= 16.10.31320.204)
      Microsoft.VisualStudio.Shell.Interop.15.0.DesignTime (>= 16.10.31320.204)
      Microsoft.VisualStudio.Shell.Interop.8.0 (>= 16.10.31320.204)
      Microsoft.VisualStudio.Shell.Interop.9.0 (>= 16.10.31320.204)
      Microsoft.VisualStudio.TextManager.Interop (>= 16.10.31320.204)
    Microsoft.VisualStudio.Shell.Embeddable (16.10.31320.204)
      Microsoft.ServiceHub.Framework (>= 2.8.10)
      Microsoft.VisualStudio.Imaging.Interop.14.0.DesignTime (>= 14.3.26931)
    Microsoft.VisualStudio.Shell.Framework (16.10.31321.278)
      Microsoft.Build.Framework (>= 16.5)
      Microsoft.VisualStudio.GraphModel (>= 16.10.31320.204)
      Microsoft.VisualStudio.Imaging.Interop.14.0.DesignTime (>= 16.10.31320.204)
      Microsoft.VisualStudio.OLE.Interop (>= 16.10.31320.204)
      Microsoft.VisualStudio.SDK.Analyzers (>= 16.10.1)
      Microsoft.VisualStudio.Shell.Interop (>= 16.10.31320.204)
      Microsoft.VisualStudio.Shell.Interop.10.0 (>= 16.10.31320.204)
      Microsoft.VisualStudio.Shell.Interop.11.0 (>= 16.10.31320.204)
      Microsoft.VisualStudio.Shell.Interop.12.0 (>= 16.10.31320.204)
      Microsoft.VisualStudio.Shell.Interop.12.1.DesignTime (>= 16.10.31320.204)
      Microsoft.VisualStudio.Shell.Interop.14.0.DesignTime (>= 16.10.31320.204)
      Microsoft.VisualStudio.Shell.Interop.15.0.DesignTime (>= 16.10.31320.204)
      Microsoft.VisualStudio.Shell.Interop.15.3.DesignTime (>= 16.10.31320.204)
      Microsoft.VisualStudio.Shell.Interop.15.6.DesignTime (>= 16.10.31320.204)
      Microsoft.VisualStudio.Shell.Interop.15.7.DesignTime (>= 16.10.31320.204)
      Microsoft.VisualStudio.Shell.Interop.16.0.DesignTime (>= 16.10.31320.204)
      Microsoft.VisualStudio.Shell.Interop.16.5.DesignTime (>= 16.10.31320.204)
      Microsoft.VisualStudio.Shell.Interop.8.0 (>= 16.10.31320.204)
      Microsoft.VisualStudio.Shell.Interop.9.0 (>= 16.10.31320.204)
      Microsoft.VisualStudio.Telemetry (>= 16.3.176)
      Microsoft.VisualStudio.Text.Data (>= 16.10.230)
      Microsoft.VisualStudio.TextManager.Interop (>= 16.10.31320.204)
      Microsoft.VisualStudio.TextManager.Interop.8.0 (>= 16.10.31320.204)
      Microsoft.VisualStudio.Threading (>= 16.10.56)
      Microsoft.VisualStudio.Utilities (>= 16.10.31321.278)
      Newtonsoft.Json (>= 12.0.2)
      System.ComponentModel.Composition (>= 4.5)
      System.Threading.Tasks.Dataflow (>= 5.0)
      System.Threading.Tasks.Extensions (>= 4.5.4)
    Microsoft.VisualStudio.Shell.Interop (16.10.31320.204)
      Microsoft.VisualStudio.SDK.EmbedInteropTypes (>= 15.0.34)
      Microsoft.VisualStudio.TextManager.Interop (>= 16.10.31320.204)
    Microsoft.VisualStudio.Shell.Interop.10.0 (16.10.31320.204)
      Microsoft.VisualStudio.SDK.EmbedInteropTypes (>= 15.0.34)
      Microsoft.VisualStudio.Shell.Interop.8.0 (>= 16.10.31320.204)
    Microsoft.VisualStudio.Shell.Interop.11.0 (16.10.31320.204)
      Microsoft.VisualStudio.SDK.EmbedInteropTypes (>= 15.0.34)
      Microsoft.VisualStudio.Shell.Interop.10.0 (>= 16.10.31320.204)
    Microsoft.VisualStudio.Shell.Interop.12.0 (16.10.31320.204)
      Microsoft.VisualStudio.SDK.EmbedInteropTypes (>= 15.0.34)
      Microsoft.VisualStudio.Shell.Interop.10.0 (>= 16.10.31320.204)
      Microsoft.VisualStudio.Shell.Interop.11.0 (>= 16.10.31320.204)
      Microsoft.VisualStudio.Shell.Interop.8.0 (>= 16.10.31320.204)
      Microsoft.VisualStudio.TextManager.Interop.8.0 (>= 16.10.31320.204)
    Microsoft.VisualStudio.Shell.Interop.12.1.DesignTime (16.10.31320.204)
      Microsoft.VisualStudio.SDK.EmbedInteropTypes (>= 15.0.34)
      Microsoft.VisualStudio.Shell.Interop.12.0 (>= 16.10.31320.204)
    Microsoft.VisualStudio.Shell.Interop.14.0.DesignTime (16.10.31320.204)
      Microsoft.VisualStudio.Imaging.Interop.14.0.DesignTime (>= 16.10.31320.204)
      Microsoft.VisualStudio.SDK.EmbedInteropTypes (>= 15.0.34)
      Microsoft.VisualStudio.Shell.Interop.12.0 (>= 16.10.31320.204)
    Microsoft.VisualStudio.Shell.Interop.15.0.DesignTime (16.10.31320.204)
      Microsoft.VisualStudio.SDK.EmbedInteropTypes (>= 15.0.34)
      Microsoft.VisualStudio.Shell.Interop.12.0 (>= 16.10.31320.204)
    Microsoft.VisualStudio.Shell.Interop.15.1.DesignTime (16.10.31320.204)
      Microsoft.VisualStudio.SDK.EmbedInteropTypes (>= 15.0.34)
    Microsoft.VisualStudio.Shell.Interop.15.3.DesignTime (16.10.31320.204)
      Microsoft.VisualStudio.SDK.EmbedInteropTypes (>= 15.0.34)
      Microsoft.VisualStudio.Shell.Interop.11.0 (>= 16.10.31320.204)
    Microsoft.VisualStudio.Shell.Interop.15.5.DesignTime (16.10.31320.204)
      Microsoft.VisualStudio.SDK.EmbedInteropTypes (>= 15.0.34)
      Microsoft.VisualStudio.Shell.Interop.12.0 (>= 16.10.31320.204)
    Microsoft.VisualStudio.Shell.Interop.15.6.DesignTime (16.10.31320.204)
      Microsoft.VisualStudio.SDK.EmbedInteropTypes (>= 15.0.34)
      Microsoft.VisualStudio.Shell.Interop.11.0 (>= 16.10.31320.204)
    Microsoft.VisualStudio.Shell.Interop.15.7.DesignTime (16.10.31320.204)
      Microsoft.VisualStudio.SDK.EmbedInteropTypes (>= 15.0.34)
      Microsoft.VisualStudio.Shell.Interop.15.0.DesignTime (>= 16.10.31320.204)
    Microsoft.VisualStudio.Shell.Interop.15.8.DesignTime (16.10.31320.212)
      Microsoft.VisualStudio.SDK.EmbedInteropTypes (>= 15.0.34)
      Microsoft.VisualStudio.Shell.Interop.15.7.DesignTime (>= 16.10.31320.204)
    Microsoft.VisualStudio.Shell.Interop.16.0.DesignTime (16.10.31320.204)
      Microsoft.VisualStudio.OLE.Interop (>= 16.10.31320.204)
      Microsoft.VisualStudio.SDK.EmbedInteropTypes (>= 15.0.34)
      Microsoft.VisualStudio.Shell.Interop (>= 16.10.31320.204)
      Microsoft.VisualStudio.Shell.Interop.11.0 (>= 16.10.31320.204)
    Microsoft.VisualStudio.Shell.Interop.16.1.DesignTime (16.10.31320.204)
      Microsoft.VisualStudio.SDK.EmbedInteropTypes (>= 15.0.34)
      Microsoft.VisualStudio.Shell.Interop.16.0.DesignTime (>= 16.10.31320.204)
    Microsoft.VisualStudio.Shell.Interop.16.2.DesignTime (16.10.31320.204)
      Microsoft.VisualStudio.SDK.EmbedInteropTypes (>= 15.0.34)
      Microsoft.VisualStudio.Shell.Interop.16.1.DesignTime (>= 16.10.31320.204)
    Microsoft.VisualStudio.Shell.Interop.16.3.DesignTime (16.10.31320.204)
      Microsoft.VisualStudio.SDK.EmbedInteropTypes (>= 15.0.34)
      Microsoft.VisualStudio.Shell.Interop.12.0 (>= 16.10.31320.204)
      Microsoft.VisualStudio.Shell.Interop.16.2.DesignTime (>= 16.10.31320.204)
    Microsoft.VisualStudio.Shell.Interop.16.4.DesignTime (16.10.31320.204)
      Microsoft.VisualStudio.SDK.EmbedInteropTypes (>= 15.0.34)
      Microsoft.VisualStudio.Shell.Interop (>= 16.10.31320.204)
      Microsoft.VisualStudio.Shell.Interop.14.0.DesignTime (>= 16.10.31320.204)
      Microsoft.VisualStudio.Shell.Interop.16.3.DesignTime (>= 16.10.31320.204)
    Microsoft.VisualStudio.Shell.Interop.16.5.DesignTime (16.10.31320.204)
      Microsoft.VisualStudio.SDK.EmbedInteropTypes (>= 15.0.34)
      Microsoft.VisualStudio.Shell.Interop.11.0 (>= 16.10.31320.204)
      Microsoft.VisualStudio.Shell.Interop.16.4.DesignTime (>= 16.10.31320.204)
    Microsoft.VisualStudio.Shell.Interop.16.9.DesignTime (16.10.31320.204)
      Microsoft.VisualStudio.OLE.Interop (>= 16.10.31320.204)
      Microsoft.VisualStudio.SDK.EmbedInteropTypes (>= 15.0.34)
      Microsoft.VisualStudio.Shell.Interop (>= 16.10.31320.204)
      Microsoft.VisualStudio.Shell.Interop.11.0 (>= 16.10.31320.204)
    Microsoft.VisualStudio.Shell.Interop.8.0 (16.10.31320.204)
      Microsoft.VisualStudio.SDK.EmbedInteropTypes (>= 15.0.34)
      Microsoft.VisualStudio.TextManager.Interop.8.0 (>= 16.10.31320.204)
    Microsoft.VisualStudio.Shell.Interop.9.0 (16.10.31320.204)
      Microsoft.VisualStudio.SDK.EmbedInteropTypes (>= 15.0.34)
      Microsoft.VisualStudio.Shell.Interop.8.0 (>= 16.10.31320.204)
    Microsoft.VisualStudio.TaskRunnerExplorer.14.0 (14.0)
    Microsoft.VisualStudio.Telemetry (16.3.176)
      Microsoft.Diagnostics.Tracing.EventSource.Redist (>= 1.1.28)
      Microsoft.VisualStudio.RemoteControl (>= 16.3.32)
      Microsoft.VisualStudio.Utilities.Internal (>= 16.3.23)
      Newtonsoft.Json (>= 9.0.1)
    Microsoft.VisualStudio.TemplateWizardInterface (16.10.31320.204)
      EnvDTE (>= 16.10.31320.204)
      Microsoft.VisualStudio.SDK.EmbedInteropTypes (>= 15.0.34)
      Microsoft.VisualStudio.Shell.Interop (>= 16.10.31320.204)
    Microsoft.VisualStudio.Text.Data (16.10.230)
      Microsoft.VisualStudio.CoreUtility (>= 16.10.230)
      Microsoft.VisualStudio.Threading (>= 16.10.56)
    Microsoft.VisualStudio.Text.Logic (16.10.230)
      Microsoft.VisualStudio.CoreUtility (>= 16.10.230)
      Microsoft.VisualStudio.Text.Data (>= 16.10.230)
      System.Collections.Immutable (>= 5.0)
      System.ComponentModel.Composition (>= 4.5)
    Microsoft.VisualStudio.Text.UI (16.10.230)
      Microsoft.VisualStudio.CoreUtility (>= 16.10.230)
      Microsoft.VisualStudio.Text.Data (>= 16.10.230)
      Microsoft.VisualStudio.Text.Logic (>= 16.10.230)
      System.ComponentModel.Composition (>= 4.5)
    Microsoft.VisualStudio.Text.UI.Wpf (16.10.230)
      Microsoft.VisualStudio.CoreUtility (>= 16.10.230)
      Microsoft.VisualStudio.Imaging.Interop.14.0.DesignTime (>= 16.10.31225.38)
      Microsoft.VisualStudio.Text.Data (>= 16.10.230)
      Microsoft.VisualStudio.Text.Logic (>= 16.10.230)
      Microsoft.VisualStudio.Text.UI (>= 16.10.230)
    Microsoft.VisualStudio.TextManager.Interop (16.10.31320.204)
      Microsoft.VisualStudio.OLE.Interop (>= 16.10.31320.204)
      Microsoft.VisualStudio.SDK.EmbedInteropTypes (>= 15.0.34)
    Microsoft.VisualStudio.TextManager.Interop.12.1.DesignTime (16.10.31320.204)
      Microsoft.VisualStudio.SDK.EmbedInteropTypes (>= 15.0.34)
    Microsoft.VisualStudio.TextManager.Interop.8.0 (16.10.31320.204)
      Microsoft.VisualStudio.SDK.EmbedInteropTypes (>= 15.0.34)
      Microsoft.VisualStudio.Shell.Interop (>= 16.10.31320.204)
    Microsoft.VisualStudio.TextTemplating.15.0 (16.10.31320.204)
      Microsoft.VisualStudio.TextTemplating.Interfaces.11.0 (>= 16.10.31320.204)
    Microsoft.VisualStudio.TextTemplating.Interfaces.10.0 (16.10.31320.204)
      Microsoft.VisualStudio.SDK.EmbedInteropTypes (>= 15.0.34)
    Microsoft.VisualStudio.TextTemplating.Interfaces.11.0 (16.10.31320.204)
      Microsoft.VisualStudio.SDK.EmbedInteropTypes (>= 15.0.34)
      Microsoft.VisualStudio.TextTemplating.Interfaces.10.0 (>= 16.10.31320.204)
    Microsoft.VisualStudio.TextTemplating.Interfaces.15.0 (16.10.31320.204)
    Microsoft.VisualStudio.TextTemplating.VSHost.15.0 (16.10.31321.278)
      Microsoft.VisualStudio.Shell.Framework (>= 16.10.31321.278)
      Microsoft.VisualStudio.TextTemplating.15.0 (>= 16.10.31320.204)
    Microsoft.VisualStudio.Threading (16.10.56)
      Microsoft.Bcl.AsyncInterfaces (>= 5.0)
      Microsoft.VisualStudio.Threading.Analyzers (>= 16.10.56)
      Microsoft.VisualStudio.Validation (>= 16.9.32)
      Microsoft.Win32.Registry (>= 5.0)
      System.Threading.Tasks.Extensions (>= 4.5.4)
    Microsoft.VisualStudio.Threading.Analyzers (16.10.56)
    Microsoft.VisualStudio.Utilities (16.10.31321.278)
      Microsoft.ServiceHub.Client (>= 2.8.10)
      Microsoft.VisualStudio.RpcContracts (>= 16.10.23)
      Microsoft.VisualStudio.Shell.Embeddable (>= 16.10.31320.204)
      Microsoft.VisualStudio.Shell.Interop (>= 16.10.31320.204)
      Microsoft.VisualStudio.Shell.Interop.10.0 (>= 16.10.31320.204)
      Microsoft.VisualStudio.Shell.Interop.11.0 (>= 16.10.31320.204)
      Microsoft.VisualStudio.Shell.Interop.12.0 (>= 16.10.31320.204)
      Microsoft.VisualStudio.Shell.Interop.15.0.DesignTime (>= 16.10.31320.204)
      Microsoft.VisualStudio.Shell.Interop.15.1.DesignTime (>= 16.10.31320.204)
      Microsoft.VisualStudio.Shell.Interop.15.6.DesignTime (>= 16.10.31320.204)
      Microsoft.VisualStudio.Shell.Interop.8.0 (>= 16.10.31320.204)
      Microsoft.VisualStudio.Telemetry (>= 16.3.176)
      System.ComponentModel.Composition (>= 4.5)
      System.Threading.AccessControl (>= 5.0)
      System.Threading.Tasks.Dataflow (>= 5.0)
    Microsoft.VisualStudio.Utilities.Internal (16.3.23)
    Microsoft.VisualStudio.Validation (16.10.26)
    Microsoft.VisualStudio.Web.BrowserLink.12.0 (12.0)
    Microsoft.VisualStudio.Workspace (16.3.43)
      Microsoft.VisualStudio.Composition (>= 15.8.117)
      Microsoft.VisualStudio.Threading (>= 15.8.132)
      Microsoft.VisualStudio.Threading.Analyzers (>= 15.8.132)
      System.Collections.Immutable (>= 1.5)
    Microsoft.VisualStudio.Workspace.Extensions (16.3.43)
      Microsoft.Build (>= 15.8.166)
      Microsoft.VisualStudio.Threading (>= 15.8.132)
      Microsoft.VisualStudio.Threading.Analyzers (>= 15.8.132)
      Microsoft.VisualStudio.Workspace (>= 16.3.43)
    Microsoft.VisualStudio.Workspace.VSIntegration (16.3.43)
      Microsoft.VisualStudio.Threading.Analyzers (>= 15.8.132)
      Microsoft.VisualStudio.Workspace (>= 16.3.43)
      Microsoft.VisualStudio.Workspace.Extensions (>= 16.3.43)
    Microsoft.VSSDK.BuildTools (16.11.12)
      Microsoft.VisualStudio.SDK.Analyzers (>= 15.8.33)
    Microsoft.Win32.Primitives (4.3)
    Microsoft.Win32.Registry (5.0)
      System.Security.AccessControl (>= 5.0)
      System.Security.Principal.Windows (>= 5.0)
    Nerdbank.Streams (2.7.74)
      Microsoft.Bcl.AsyncInterfaces (>= 5.0)
      Microsoft.VisualStudio.Threading (>= 16.9.60)
      System.IO.Pipelines (>= 5.0.1)
      System.Net.WebSockets (>= 4.3)
      System.Runtime.CompilerServices.Unsafe (>= 5.0)
    Newtonsoft.Json (13.0.1)
    stdole (16.10.31320.204)
      Microsoft.VisualStudio.SDK.EmbedInteropTypes (>= 15.0.34)
    StreamJsonRpc (2.8.21)
      MessagePack (>= 2.2.85)
      Microsoft.Bcl.AsyncInterfaces (>= 5.0)
      Microsoft.VisualStudio.Threading (>= 16.9.60)
      Nerdbank.Streams (>= 2.6.81)
      Newtonsoft.Json (>= 12.0.2)
      System.Collections.Immutable (>= 5.0)
      System.Diagnostics.DiagnosticSource (>= 5.0.1)
      System.IO.Pipelines (>= 5.0.1)
      System.Memory (>= 4.5.4)
      System.Net.Http (>= 4.3.4)
      System.Net.WebSockets (>= 4.3)
      System.Reflection.Emit (>= 4.7)
      System.Threading.Tasks.Dataflow (>= 5.0)
      System.Threading.Tasks.Extensions (>= 4.5.4)
    System.Buffers (4.5.1)
    System.Collections.Immutable (5.0)
      System.Memory (>= 4.5.4)
    System.ComponentModel.Composition (5.0)
    System.Composition (5.0.1)
      System.Composition.AttributedModel (>= 5.0.1)
      System.Composition.Convention (>= 5.0.1)
      System.Composition.Hosting (>= 5.0.1)
      System.Composition.Runtime (>= 5.0.1)
      System.Composition.TypedParts (>= 5.0.1)
    System.Composition.AttributedModel (5.0.1)
    System.Composition.Convention (5.0.1)
      System.Composition.AttributedModel (>= 5.0)
    System.Composition.Hosting (5.0.1)
      System.Composition.Runtime (>= 5.0)
    System.Composition.Runtime (5.0.1)
    System.Composition.TypedParts (5.0.1)
      System.Composition.AttributedModel (>= 5.0)
      System.Composition.Hosting (>= 5.0)
      System.Composition.Runtime (>= 5.0)
    System.Configuration.ConfigurationManager (5.0)
      System.Security.Permissions (>= 5.0)
    System.Diagnostics.DiagnosticSource (5.0.1)
      System.Memory (>= 4.5.4)
      System.Runtime.CompilerServices.Unsafe (>= 5.0)
    System.IO (4.3)
    System.IO.Pipelines (5.0.1)
      System.Buffers (>= 4.5.1)
      System.Memory (>= 4.5.4)
      System.Threading.Tasks.Extensions (>= 4.5.4)
    System.Memory (4.5.4)
      System.Buffers (>= 4.5.1)
      System.Numerics.Vectors (>= 4.5)
      System.Runtime.CompilerServices.Unsafe (>= 4.5.3)
    System.Net.Http (4.3.4)
      System.Security.Cryptography.X509Certificates (>= 4.3)
    System.Net.WebSockets (4.3)
    System.Numerics.Vectors (4.5)
    System.Private.Uri (4.3.2)
      Microsoft.NETCore.Platforms (>= 1.1.1)
      Microsoft.NETCore.Targets (>= 1.1.3)
    System.Reflection.Emit (4.7)
    System.Reflection.Emit.Lightweight (4.7)
    System.Reflection.Metadata (5.0)
      System.Collections.Immutable (>= 5.0)
    System.Reflection.TypeExtensions (4.7)
    System.Runtime (4.3.1)
    System.Runtime.CompilerServices.Unsafe (5.0)
    System.Security.AccessControl (5.0)
      System.Security.Principal.Windows (>= 5.0)
    System.Security.Cryptography.Algorithms (4.3.1)
      System.IO (>= 4.3)
      System.Runtime (>= 4.3)
      System.Security.Cryptography.Encoding (>= 4.3)
      System.Security.Cryptography.Primitives (>= 4.3)
    System.Security.Cryptography.Encoding (4.3)
    System.Security.Cryptography.Primitives (4.3)
    System.Security.Cryptography.X509Certificates (4.3.2)
      System.Security.Cryptography.Algorithms (>= 4.3)
      System.Security.Cryptography.Encoding (>= 4.3)
    System.Security.Permissions (5.0)
      System.Security.AccessControl (>= 5.0)
    System.Security.Principal.Windows (5.0)
    System.Text.Encodings.Web (5.0.1)
      System.Buffers (>= 4.5.1)
      System.Memory (>= 4.5.4)
    System.Text.Json (5.0.2)
      Microsoft.Bcl.AsyncInterfaces (>= 5.0)
      System.Buffers (>= 4.5.1)
      System.Memory (>= 4.5.4)
      System.Numerics.Vectors (>= 4.5)
      System.Runtime.CompilerServices.Unsafe (>= 5.0)
      System.Text.Encodings.Web (>= 5.0.1)
      System.Threading.Tasks.Extensions (>= 4.5.4)
      System.ValueTuple (>= 4.5)
    System.Threading.AccessControl (5.0)
      System.Security.AccessControl (>= 5.0)
      System.Security.Principal.Windows (>= 5.0)
    System.Threading.Tasks.Dataflow (5.0)
    System.Threading.Tasks.Extensions (4.5.4)
      System.Runtime.CompilerServices.Unsafe (>= 4.5.3)
    System.ValueTuple (4.5)
    VSLangProj (16.10.31320.204)
      EnvDTE (>= 16.10.31320.204)
      Microsoft.VisualStudio.SDK.EmbedInteropTypes (>= 15.0.34)
    VSLangProj100 (16.10.31320.204)
      Microsoft.VisualStudio.SDK.EmbedInteropTypes (>= 15.0.34)
    VSLangProj110 (16.10.31320.204)
      Microsoft.VisualStudio.SDK.EmbedInteropTypes (>= 15.0.34)
      VSLangProj80 (>= 16.10.31320.204)
      VSLangProj90 (>= 16.10.31320.204)
    VSLangProj140 (16.10.31320.204)
      Microsoft.VisualStudio.SDK.EmbedInteropTypes (>= 15.0.34)
      VSLangProj80 (>= 16.10.31320.204)
    VSLangProj150 (16.10.31320.204)
      Microsoft.VisualStudio.SDK.EmbedInteropTypes (>= 15.0.34)
      VSLangProj110 (>= 16.10.31320.204)
      VSLangProj140 (>= 16.10.31320.204)
    VSLangProj157 (16.10.31320.204)
      Microsoft.VisualStudio.SDK.EmbedInteropTypes (>= 15.0.34)
      VSLangProj110 (>= 16.10.31320.204)
    VSLangProj158 (16.10.31320.204)
      Microsoft.VisualStudio.SDK.EmbedInteropTypes (>= 15.0.34)
      VSLangProj110 (>= 16.10.31320.204)
    VSLangProj2 (16.10.31320.204)
      Microsoft.VisualStudio.SDK.EmbedInteropTypes (>= 15.0.34)
      VSLangProj (>= 16.10.31320.204)
    VSLangProj80 (16.10.31320.204)
      Microsoft.VisualStudio.SDK.EmbedInteropTypes (>= 15.0.34)
      VSLangProj2 (>= 16.10.31320.204)
    VSLangProj90 (16.10.31320.204)
      Microsoft.VisualStudio.SDK.EmbedInteropTypes (>= 15.0.34)

GROUP wsbuild

GIT
  remote: https://github.com/dotnet-websharper/build-script
     (2f60eef2ce4b2ed9efdedf1727f1ca56df4ec76c)